GEM
  remote: https://rubygems.org/
  specs:
    pg (0.17.1)
    rake (10.3.2)
    sequel (4.12.0)

PLATFORMS
  ruby

DEPENDENCIES
  pg (~> 0.17.1)
  rake (~> 10.3.2)
  sequel (~> 4.12.0)
