GEM
  remote: https://rubygems.org/
  specs:
    coderay (1.1.0)
    method_source (0.8.2)
    pg (0.17.1)
    pry (0.10.1)
      coderay (~> 1.1.0)
      method_source (~> 0.8.1)
      slop (~> 3.4)
    rack (1.5.2)
    rack-protection (1.5.3)
      rack
    rake (10.3.2)
    sequel (4.12.0)
    sinatra (1.4.5)
      rack (~> 1.4)
      rack-protection (~> 1.4)
      tilt (~> 1.3, >= 1.3.4)
    slop (3.6.0)
    tilt (1.4.1)
    unix-crypt (1.3.0)

PLATFORMS
  ruby

DEPENDENCIES
  pg (~> 0.17.1)
  pry (~> 0.10.0)
  rack (~> 1.5.2)
  rake (~> 10.3.2)
  sequel (~> 4.12.0)
  sinatra (~> 1.4.5)
  unix-crypt (~> 1.3.0)
